{
    "Manufacturer": "GE",
    "ManufacturersModelName": "DISCOVERY_MR750",
    "ScanningSequence": "EP_GR",
    "SequenceVariant": "SS",
    "SeriesDescription": "fMRI_RestState",
    "BodyPartExamined": "HEAD",
    "ProtocolName": "fMRI_RestState",
    "ImageType": [
        "ORIGINAL",
        "PRIMARY",
        "EPI",
        "NONE"
    ],
    "AcquisitionDateTime": "2020-05-09T15:47:48.000000",
    "MagneticFieldStrength": 3,
    "FlipAngle": 90,
    "EchoTime": 0.04,
    "RepetitionTime": 2,
    "ConversionSoftware": "dcm2niix",
    "ConversionSoftwareVersion": "v1.0.20170411 GCC4.8.4",
    "Dcm2bidsVersion": "2.1.4"
}