{
    "Manufacturer": "GE",
    "ManufacturersModelName": "DISCOVERY_MR750",
    "ScanningSequence": "EP_GR",
    "SequenceVariant": "SS",
    "SeriesDescription": "tr_FMRI_3",
    "BodyPartExamined": "HEAD",
    "ProtocolName": "tr_FMRI_3",
    "ImageType": [
        "ORIGINAL",
        "PRIMARY",
        "EPI",
        "NONE"
    ],
    "AcquisitionDateTime": "2020-05-09T16:21:59.000000",
    "MagneticFieldStrength": 3,
    "FlipAngle": 90,
    "EchoTime": 0.03,
    "RepetitionTime": 2,
    "ConversionSoftware": "dcm2niix",
    "ConversionSoftwareVersion": "v1.0.20170411 GCC4.8.4",
    "Dcm2bidsVersion": "2.1.4"
}