{
    "Manufacturer": "GE",
    "ManufacturersModelName": "DISCOVERY_MR750",
    "ScanningSequence": "SE",
    "SequenceVariant": "SK",
    "SeriesDescription": "Ax_T2_FSE",
    "BodyPartExamined": "HEAD",
    "ProtocolName": "Ax_T2_FSE",
    "ImageType": [
        "ORIGINAL",
        "PRIMARY",
        "OTHER"
    ],
    "AcquisitionDateTime": "2020-05-10T15:22:8.000000",
    "MagneticFieldStrength": 3,
    "FlipAngle": 142,
    "EchoTime": 0.1014,
    "RepetitionTime": 6.255,
    "ConversionSoftware": "dcm2niix",
    "ConversionSoftwareVersion": "v1.0.20170411 GCC4.8.4",
    "Dcm2bidsVersion": "2.1.4"
}